PATH
  remote: .
  specs:
    icu_ratings (1.6.1)

GEM
  remote: https://rubygems.org/
  specs:
    diff-lcs (1.2.4)
    json (1.8.0)
    rake (10.1.0)
    rdoc (4.0.1)
      json (~> 1.4)
    rspec (2.14.1)
      rspec-core (~> 2.14.0)
      rspec-expectations (~> 2.14.0)
      rspec-mocks (~> 2.14.0)
    rspec-core (2.14.4)
    rspec-expectations (2.14.0)
      diff-lcs (>= 1.1.3, < 2.0)
    rspec-mocks (2.14.1)

PLATFORMS
  ruby

DEPENDENCIES
  bundler
  icu_ratings!
  rake
  rdoc
  rspec
