PATH
  remote: .
  specs:
    icu_ratings (1.1.1)

GEM
  remote: http://rubygems.org/
  specs:
    ZenTest (4.4.2)
    autotest-fsevent (0.2.4)
      sys-uname
    autotest-growl (0.2.9)
    diff-lcs (1.1.2)
    rspec (2.5.0)
      rspec-core (~> 2.5.0)
      rspec-expectations (~> 2.5.0)
      rspec-mocks (~> 2.5.0)
    rspec-core (2.5.1)
    rspec-expectations (2.5.0)
      diff-lcs (~> 1.1.2)
    rspec-mocks (2.5.0)
    sys-uname (0.8.5)

PLATFORMS
  ruby

DEPENDENCIES
  ZenTest (~> 4.4.2)
  autotest-fsevent (~> 0.2.4)
  autotest-growl (~> 0.2.9)
  icu_ratings!
  rspec (~> 2.5)
